GEM
  remote: http://rubygems.org/
  specs:
    ethon (0.5.7)
      ffi (~> 1.2.0)
      mime-types (~> 1.18)
    ffi (1.2.1)
    foreman (0.61.0)
      thor (>= 0.13.6)
    kgio (2.8.0)
    mime-types (1.20.1)
    rack (1.5.1)
    rack-protection (1.3.2)
      rack
    raindrops (0.10.0)
    shotgun (0.9)
      rack (>= 1.0)
    sinatra (1.3.4)
      rack (~> 1.4)
      rack-protection (~> 1.3)
      tilt (~> 1.3, >= 1.3.3)
    thor (0.17.0)
    tilt (1.3.3)
    typhoeus (0.5.4)
      ethon (~> 0.5.7)
    unicorn (4.6.0)
      kgio (~> 2.6)
      rack
      raindrops (~> 0.7)

PLATFORMS
  ruby

DEPENDENCIES
  foreman
  shotgun
  sinatra
  typhoeus
  unicorn
